GEM
  remote: https://rubygems.org/
  specs:
    googlecharts (1.6.12)

PLATFORMS
  ruby

DEPENDENCIES
  googlecharts (~> 1.6)

BUNDLED WITH
   2.1.4
